PATH
  remote: .
  specs:
    test_scraper (0.1.0)

GEM
  remote: https://rubygems.org/
  specs:
    byebug (11.0.1)
    colorize (0.8.1)
    mini_portile2 (2.4.0)
    nokogiri (1.10.4)
      mini_portile2 (~> 2.4.0)
    rake (10.5.0)

PLATFORMS
  ruby

DEPENDENCIES
  bundler (~> 2.0)
  byebug
  colorize
  nokogiri
  rake (~> 10.0)
  test_scraper!

BUNDLED WITH
   2.0.1
